GEM
  remote: https://rubygems.org/
  specs:
    RedCloth (4.3.0)
    bcrypt (3.1.11)
    charlock_holmes (0.7.3)
    curses (1.0.2)
    daemons (1.2.3)
    escape_utils (1.2.1)
    eventmachine (1.2.0.1)
    fast-stemmer (1.0.2)
    ffi (1.9.10)
    github-markdown (0.6.9)
    hitimes (1.2.4)
    json (1.8.3)
    kgio (2.10.0)
    mini_portile (0.6.2)
    mini_portile2 (2.0.0)
    mysql2 (0.4.4)
    nokogiri (1.6.7.2)
      mini_portile2 (~> 2.0.0.rc2)
    nokogumbo (1.4.7)
      nokogiri
    pg (0.18.4)
    posix-spawn (0.3.11)
    puma (3.4.0)
    rack (1.6.4)
    raindrops (0.16.0)
    redcarpet (3.3.4)
    rugged (0.24.0)
    snappy (0.0.15)
    sqlite3 (1.3.11)
    thin (1.6.4)
      daemons (~> 1.0, >= 1.0.9)
      eventmachine (~> 1.0, >= 1.0.4)
      rack (~> 1.0)
    unf_ext (0.0.7.2)
    unicorn (5.1.0)
      kgio (~> 2.6)
      raindrops (~> 0.7)
    yajl-ruby (1.2.1)

PLATFORMS
  ruby

DEPENDENCIES
  RedCloth
  bcrypt
  charlock_holmes
  curses
  escape_utils
  fast-stemmer
  ffi
  github-markdown
  hitimes
  json (= 1.8.3)
  kgio
  mini_portile
  mini_portile2
  mysql2
  nokogiri
  nokogumbo
  pg
  posix-spawn
  puma
  raindrops
  redcarpet
  rugged
  snappy
  sqlite3
  thin
  unf_ext
  unicorn
  yajl-ruby

BUNDLED WITH
   1.12.2
